GIT
  remote: git://github.com/floehopper/mocha.git
  revision: 3a06123daaf5d0fbc6cf93342aa173e94d41fb85
  specs:
    mocha (0.11.3)
      metaclass (~> 0.0.1)

GEM
  remote: http://rubygems.org/
  specs:
    activemodel (3.2.12)
      activesupport (= 3.2.12)
      builder (~> 3.0.0)
    activesupport (3.2.12)
      i18n (~> 0.6)
      multi_json (~> 1.0)
    akami (1.2.0)
      gyoku (>= 0.4.0)
      nokogiri (>= 1.4.0)
    builder (3.0.4)
    diff-lcs (1.2.1)
    gyoku (1.0.0)
      builder (>= 2.1.2)
    httpi (2.0.2)
      rack
    i18n (0.6.2)
    metaclass (0.0.1)
    multi_json (1.6.1)
    nokogiri (1.5.6)
    nori (2.0.4)
    rack (1.5.2)
    rake (10.0.3)
    rspec (2.0.1)
      rspec-core (~> 2.0.1)
      rspec-expectations (~> 2.0.1)
      rspec-mocks (~> 2.0.1)
    rspec-core (2.0.1)
    rspec-expectations (2.0.1)
      diff-lcs (>= 1.1.2)
    rspec-mocks (2.0.1)
      rspec-core (~> 2.0.1)
      rspec-expectations (~> 2.0.1)
    savon (2.1.0)
      akami (~> 1.2.0)
      builder (>= 2.1.2)
      gyoku (~> 1.0.0)
      httpi (~> 2.0.2)
      nokogiri (>= 1.4.0)
      nori (~> 2.0.3)
      wasabi (~> 3.0.0)
    vat_validator (1.2)
      activemodel
      savon (>= 0.9.7)
    wasabi (3.0.0)
      httpi (~> 2.0)
      nokogiri (>= 1.4.0)

PLATFORMS
  ruby

DEPENDENCIES
  activemodel
  activesupport (>= 3.0.4)
  mocha!
  rake
  rspec (~> 2.0.0)
  vat_validator
