GIT
  remote: git://github.com/floehopper/mocha.git
  revision: f1d182ea33fe08cbc187df90f12013814ae59da8
  specs:
    mocha (0.9.12.20110213002255)

GEM
  remote: http://rubygems.org/
  specs:
    activemodel (3.0.7)
      activesupport (= 3.0.7)
      builder (~> 2.1.2)
      i18n (~> 0.5.0)
    activesupport (3.0.7)
    builder (2.1.2)
    diff-lcs (1.1.2)
    httpclient (2.2.0.2)
    i18n (0.5.0)
    rake (0.8.7)
    rspec (2.0.1)
      rspec-core (~> 2.0.1)
      rspec-expectations (~> 2.0.1)
      rspec-mocks (~> 2.0.1)
    rspec-core (2.0.1)
    rspec-expectations (2.0.1)
      diff-lcs (>= 1.1.2)
    rspec-mocks (2.0.1)
      rspec-core (~> 2.0.1)
      rspec-expectations (~> 2.0.1)
    soap (0.0.2)
      builder (>= 2.1.2)
    soap4r (1.5.8)
      httpclient (>= 2.1.1)

PLATFORMS
  ruby

DEPENDENCIES
  activemodel (>= 3.0.4)
  activesupport (>= 3.0.4)
  mocha!
  rake
  rspec (~> 2.0.0)
  soap
  soap4r
